GEM
  remote: http://rubygems.org/
  specs:
    fssm (0.2.8)
    rmagick (2.13.1)

PLATFORMS
  ruby

DEPENDENCIES
  fssm (= 0.2.8)
  rmagick
